GEM
  remote: https://rubygems.org/
  specs:
    coderay (1.1.2)
    dotenv (2.7.4)
    method_source (0.9.2)
    ostruct (0.1.0)
    pry (0.12.2)
      coderay (~> 1.1.0)
      method_source (~> 0.9.0)
    ruby-sdl2 (0.3.4)

PLATFORMS
  ruby

DEPENDENCIES
  dotenv
  ostruct
  pry
  ruby-sdl2

BUNDLED WITH
   1.17.3
