GEM
  remote: https://rubygems.org/
  specs:
    activesupport (5.2.3)
      concurrent-ruby (~> 1.0, >= 1.0.2)
      i18n (>= 0.7, < 2)
      minitest (~> 5.1)
      tzinfo (~> 1.1)
    coderay (1.1.2)
    concurrent-ruby (1.1.5)
    dotenv (2.7.4)
    ffi (1.11.1)
    ffi (1.11.1-x64-mingw32)
    i18n (1.6.0)
      concurrent-ruby (~> 1.0)
    listen (3.1.5)
      rb-fsevent (~> 0.9, >= 0.9.4)
      rb-inotify (~> 0.9, >= 0.9.7)
      ruby_dep (~> 1.2)
    method_source (0.9.2)
    minitest (5.11.3)
    ostruct (0.1.0)
    parallel (1.17.0)
    pry (0.12.2)
      coderay (~> 1.1.0)
      method_source (~> 0.9.0)
    pry-nav (0.3.0)
      pry (>= 0.9.10, < 0.13.0)
    rb-fsevent (0.10.3)
    rb-inotify (0.10.0)
      ffi (~> 1.0)
    ruby-sdl2 (0.3.4)
    ruby_dep (1.5.0)
    super_callbacks (1.3.1)
    thread_safe (0.3.6)
    thwait (0.1.0)
    tzinfo (1.2.5)
      thread_safe (~> 0.1)

PLATFORMS
  ruby
  x64-mingw32

DEPENDENCIES
  activesupport
  concurrent-ruby
  dotenv
  listen (~> 3.0)
  ostruct
  parallel (~> 1.17)
  pry
  pry-nav
  ruby-sdl2
  super_callbacks (~> 1.3)
  thwait

BUNDLED WITH
   2.0.2
