GEM
  remote: https://rubygems.org/
  specs:
    activesupport (8.0.0)
      base64
      benchmark (>= 0.3)
      bigdecimal
      concurrent-ruby (~> 1.0, >= 1.3.1)
      connection_pool (>= 2.2.5)
      drb
      i18n (>= 1.6, < 2)
      logger (>= 1.4.2)
      minitest (>= 5.1)
      securerandom (>= 0.3)
      tzinfo (~> 2.0, >= 2.0.5)
      uri (>= 0.13.1)
    base64 (0.2.0)
    benchmark (0.4.0)
    bigdecimal (3.1.8)
    coderay (1.1.3)
    concurrent-ruby (1.3.4)
    connection_pool (2.4.1)
    dotenv (3.1.4)
    drb (2.2.1)
    e2mmap (0.1.0)
    ffi (1.17.0-x86_64-darwin)
    i18n (1.14.6)
      concurrent-ruby (~> 1.0)
    listen (3.9.0)
      rb-fsevent (~> 0.10, >= 0.10.3)
      rb-inotify (~> 0.9, >= 0.9.10)
    logger (1.6.1)
    method_source (1.1.0)
    minitest (5.25.2)
    ostruct (0.6.1)
    parallel (1.26.3)
    pry (0.14.2)
      coderay (~> 1.1)
      method_source (~> 1.0)
    pry-nav (1.0.0)
      pry (>= 0.9.10, < 0.15)
    rb-fsevent (0.11.2)
    rb-inotify (0.11.1)
      ffi (~> 1.0)
    ruby-sdl2 (0.3.6)
    securerandom (0.3.2)
    super_callbacks (1.3.2)
    thwait (0.2.0)
      e2mmap
    tzinfo (2.0.6)
      concurrent-ruby (~> 1.0)
    uri (1.0.2)

PLATFORMS
  x86_64-darwin-22

DEPENDENCIES
  activesupport
  concurrent-ruby
  dotenv
  listen (~> 3.0)
  ostruct
  parallel (~> 1.17)
  pry
  pry-nav
  ruby-sdl2
  super_callbacks (~> 1.3)
  thwait

BUNDLED WITH
   2.5.23
